PATH
  remote: .
  specs:
    npc (0.0.1)

GEM
  remote: https://rubygems.org/
  specs:
    ast (2.4.2)
    awesome_print (1.9.2)
    byebug (11.1.3)
    coderay (1.1.3)
    method_source (1.0.0)
    minitest (5.15.0)
    minitest-focus (1.3.1)
      minitest (>= 4, < 6)
    parallel (1.21.0)
    parser (3.1.0.0)
      ast (~> 2.4.1)
    pry (0.14.1)
      coderay (~> 1.1)
      method_source (~> 1.0)
    pry-byebug (3.8.0)
      byebug (~> 11.0)
      pry (~> 0.10)
    pry-sorbet (0.2.1)
      pry
    rainbow (3.1.1)
    rake (13.0.6)
    regexp_parser (2.2.0)
    rexml (3.2.5)
    rubocop (1.24.1)
      parallel (~> 1.10)
      parser (>= 3.0.0.0)
      rainbow (>= 2.2.2, < 4.0)
      regexp_parser (>= 1.8, < 3.0)
      rexml
      rubocop-ast (>= 1.15.1, < 2.0)
      ruby-progressbar (~> 1.7)
      unicode-display_width (>= 1.4.0, < 3.0)
    rubocop-ast (1.15.1)
      parser (>= 3.0.1.1)
    rubocop-minitest (0.17.0)
      rubocop (>= 0.90, < 2.0)
    rubocop-rake (0.6.0)
      rubocop (~> 1.0)
    rubocop-shopify (2.4.0)
      rubocop (~> 1.24)
    rubocop-sorbet (0.6.5)
      rubocop (>= 0.90.0)
    ruby-progressbar (1.11.0)
    sorbet (0.5.9494)
      sorbet-static (= 0.5.9494)
    sorbet-runtime (0.5.9494)
    sorbet-static (0.5.9494-universal-darwin-14)
    sorbet-static (0.5.9494-universal-darwin-15)
    sorbet-static (0.5.9494-universal-darwin-16)
    sorbet-static (0.5.9494-universal-darwin-17)
    sorbet-static (0.5.9494-universal-darwin-18)
    sorbet-static (0.5.9494-universal-darwin-19)
    sorbet-static (0.5.9494-universal-darwin-20)
    sorbet-static (0.5.9494-universal-darwin-21)
    sorbet-static (0.5.9494-x86_64-linux)
    unicode-display_width (2.1.0)
    webrick (1.7.0)
    yard (0.9.27)
      webrick (~> 1.7.0)
    yard-sorbet (0.6.1)
      sorbet-runtime (>= 0.5)
      yard (>= 0.9)

PLATFORMS
  ruby

DEPENDENCIES
  awesome_print
  minitest
  minitest-focus
  npc!
  pry
  pry-byebug
  pry-sorbet
  rake
  rubocop
  rubocop-minitest
  rubocop-rake
  rubocop-shopify
  rubocop-sorbet
  sorbet
  sorbet-runtime
  yard
  yard-sorbet

BUNDLED WITH
   2.2.33
