PATH
  remote: .
  specs:
    npc (0.0.1)

GEM
  remote: https://rubygems.org/
  specs:
    ast (2.4.2)
    byebug (11.1.3)
    coderay (1.1.3)
    method_source (1.0.0)
    minitest (5.14.4)
    minitest-focus (1.3.1)
      minitest (>= 4, < 6)
    parallel (1.20.1)
    parser (3.0.2.0)
      ast (~> 2.4.1)
    pry (0.14.1)
      coderay (~> 1.1)
      method_source (~> 1.0)
    pry-byebug (3.8.0)
      byebug (~> 11.0)
      pry (~> 0.10)
    pry-sorbet (0.2.1)
      pry
    rainbow (3.0.0)
    rake (13.0.6)
    regexp_parser (2.1.1)
    rexml (3.2.5)
    rubocop (1.19.1)
      parallel (~> 1.10)
      parser (>= 3.0.0.0)
      rainbow (>= 2.2.2, < 4.0)
      regexp_parser (>= 1.8, < 3.0)
      rexml
      rubocop-ast (>= 1.9.1, < 2.0)
      ruby-progressbar (~> 1.7)
      unicode-display_width (>= 1.4.0, < 3.0)
    rubocop-ast (1.10.0)
      parser (>= 3.0.1.1)
    rubocop-minitest (0.15.0)
      rubocop (>= 0.90, < 2.0)
    rubocop-rake (0.6.0)
      rubocop (~> 1.0)
    rubocop-shopify (2.2.0)
      rubocop (~> 1.18)
    rubocop-sorbet (0.6.2)
      rubocop
    ruby-progressbar (1.11.0)
    sorbet (0.5.9064)
      sorbet-static (= 0.5.9064)
    sorbet-runtime (0.5.9064)
    sorbet-static (0.5.9064-universal-darwin-14)
    unicode-display_width (2.0.0)

PLATFORMS
  ruby

DEPENDENCIES
  minitest
  minitest-focus
  npc!
  pry
  pry-byebug
  pry-sorbet
  rake
  rubocop
  rubocop-minitest
  rubocop-rake
  rubocop-shopify
  rubocop-sorbet
  sorbet
  sorbet-runtime

BUNDLED WITH
   2.1.4
