GEM
  remote: https://rubygems.org/
  specs:
    ast (2.4.1)
    byebug (11.1.3)
    coderay (1.1.3)
    method_source (1.0.0)
    minitest (5.14.2)
    parallel (1.19.2)
    parser (2.7.2.0)
      ast (~> 2.4.1)
    pry (0.13.1)
      coderay (~> 1.1)
      method_source (~> 1.0)
    pry-byebug (3.9.0)
      byebug (~> 11.0)
      pry (~> 0.13.0)
    pry-sorbet (0.2.1)
      pry
    rainbow (3.0.0)
    rake (13.0.1)
    regexp_parser (1.8.2)
    rexml (3.2.4)
    rubocop (0.89.1)
      parallel (~> 1.10)
      parser (>= 2.7.1.1)
      rainbow (>= 2.2.2, < 4.0)
      regexp_parser (>= 1.7)
      rexml
      rubocop-ast (>= 0.3.0, < 1.0)
      ruby-progressbar (~> 1.7)
      unicode-display_width (>= 1.4.0, < 2.0)
    rubocop-ast (0.8.0)
      parser (>= 2.7.1.5)
    rubocop-shopify (1.0.5)
      rubocop (~> 0.89.0)
    rubocop-sorbet (0.5.1)
      rubocop
    ruby-progressbar (1.10.1)
    sorbet (0.5.5944)
      sorbet-static (= 0.5.5944)
    sorbet-runtime (0.5.5944)
    sorbet-static (0.5.5944-universal-darwin-14)
    unicode-display_width (1.7.0)

PLATFORMS
  ruby

DEPENDENCIES
  minitest
  pry
  pry-byebug
  pry-sorbet
  rake
  rubocop
  rubocop-shopify
  rubocop-sorbet
  sorbet
  sorbet-runtime

BUNDLED WITH
   1.17.2
